GIT
  remote: git://github.com/radiumsoftware/iridium.git
  revision: 74536dcf23a8cf62ae9192e453dc1517582b27ef
  specs:
    iridium (0.2.0)
      activesupport
      coffee-script
      compass
      execjs
      less
      rack
      rack-rewrite
      rake-pipeline (~> 0.7.0)
      rake-pipeline-web-filters (= 0.7.0)
      sass
      therubyracer
      thin
      thor
      uglifier (~> 1.2.3)
      yui-compressor

GEM
  remote: http://rubygems.org/
  specs:
    POpen4 (0.1.4)
      Platform (>= 0.4.0)
      open4
    Platform (0.4.0)
    activesupport (3.2.8)
      i18n (~> 0.6)
      multi_json (~> 1.0)
    chunky_png (1.2.6)
    coffee-script (2.2.0)
      coffee-script-source
      execjs
    coffee-script-source (1.3.3)
    commonjs (0.2.6)
    compass (0.12.2)
      chunky_png (~> 1.2)
      fssm (>= 0.2.7)
      sass (~> 3.1)
    daemons (1.1.9)
    eventmachine (1.0.0)
    execjs (1.4.0)
      multi_json (~> 1.0)
    fssm (0.2.9)
    i18n (0.6.1)
    json (1.7.5)
    less (2.2.2)
      commonjs (~> 0.2.6)
    libv8 (3.3.10.4)
    multi_json (1.3.6)
    open4 (1.3.0)
    rack (1.4.1)
    rack-rewrite (1.3.0)
    rake (0.9.2.2)
    rake-pipeline (0.7.0)
      json
      rake (~> 0.9.0)
      thor
    rake-pipeline-web-filters (0.7.0)
      rack
      rake-pipeline (~> 0.6)
    sass (3.2.1)
    therubyracer (0.10.2)
      libv8 (~> 3.3.10)
    thin (1.5.0)
      daemons (>= 1.0.9)
      eventmachine (>= 0.12.6)
      rack (>= 1.0.0)
    thor (0.16.0)
    uglifier (1.2.7)
      execjs (>= 0.3.0)
      multi_json (~> 1.3)
    yui-compressor (0.9.6)
      POpen4 (>= 0.1.4)

PLATFORMS
  ruby

DEPENDENCIES
  iridium!
